GEM
  remote: https://rubygems.org/
  specs:
    bkmrq (0.0.6)
    oj (3.14.2)
    pandoc-ruby (2.1.10)
    rake (13.0.6)

PLATFORMS
  x86_64-linux

DEPENDENCIES
  bkmrq
  oj
  pandoc-ruby
  rake

BUNDLED WITH
   2.3.17
